GEM
  remote: http://rubygems.org/
  specs:
    addressable (2.3.2)
    capybara (1.1.2)
      mime-types (>= 1.16)
      nokogiri (>= 1.3.3)
      rack (>= 1.0.0)
      rack-test (>= 0.5.4)
      selenium-webdriver (~> 2.0)
      xpath (~> 0.1.4)
    childprocess (0.3.6)
      ffi (~> 1.0, >= 1.0.6)
    ffi (1.1.5)
    git (1.2.5)
    jar_wrapper (0.1.2)
      jeweler
      jeweler
      zip
      zip
    jeweler (1.8.4)
      bundler (~> 1.0)
      git (>= 1.2.5)
      rake
      rdoc
    json (1.7.5)
    libwebsocket (0.1.5)
      addressable
    mime-types (1.19)
    multi_json (1.3.6)
    nokogiri (1.5.5)
    rack (1.4.1)
    rack-test (0.6.2)
      rack (>= 1.0)
    rake (0.9.2.2)
    rdoc (3.12)
      json (~> 1.4)
    rubyzip (0.9.9)
    selenium (0.2.5)
      jar_wrapper
      jeweler
    selenium-webdriver (2.25.0)
      childprocess (>= 0.2.5)
      libwebsocket (~> 0.1.3)
      multi_json (~> 1.0)
      rubyzip
    xpath (0.1.4)
      nokogiri (~> 1.3)
    zip (2.0.2)

PLATFORMS
  ruby

DEPENDENCIES
  capybara (~> 1.1.2)
  selenium (~> 0.2.5)
